PATH
  remote: .
  specs:
    open_directory_utils (0.1.11)
      net-ssh (~> 5.2)

GEM
  remote: https://rubygems.org/
  specs:
    diff-lcs (1.3)
    net-ssh (5.2.0)
    rake (13.0.1)
    rspec (3.9.0)
      rspec-core (~> 3.9.0)
      rspec-expectations (~> 3.9.0)
      rspec-mocks (~> 3.9.0)
    rspec-core (3.9.1)
      rspec-support (~> 3.9.1)
    rspec-expectations (3.9.0)
      diff-lcs (>= 1.2.0, < 2.0)
      rspec-support (~> 3.9.0)
    rspec-mocks (3.9.1)
      diff-lcs (>= 1.2.0, < 2.0)
      rspec-support (~> 3.9.0)
    rspec-support (3.9.2)

PLATFORMS
  ruby

DEPENDENCIES
  bundler (~> 2.1)
  open_directory_utils!
  rake (~> 13.0)
  rspec (~> 3.9)

BUNDLED WITH
   2.1.2
