PATH
  remote: .
  specs:
    open_directory_utils (0.1.9)
      net-ssh (~> 4.2)

GEM
  remote: https://rubygems.org/
  specs:
    diff-lcs (1.3)
    net-ssh (4.2.0)
    rake (12.3.1)
    rspec (3.7.0)
      rspec-core (~> 3.7.0)
      rspec-expectations (~> 3.7.0)
      rspec-mocks (~> 3.7.0)
    rspec-core (3.7.1)
      rspec-support (~> 3.7.0)
    rspec-expectations (3.7.0)
      diff-lcs (>= 1.2.0, < 2.0)
      rspec-support (~> 3.7.0)
    rspec-mocks (3.7.0)
      diff-lcs (>= 1.2.0, < 2.0)
      rspec-support (~> 3.7.0)
    rspec-support (3.7.1)

PLATFORMS
  ruby

DEPENDENCIES
  bundler (~> 1.16)
  open_directory_utils!
  rake (~> 12.3)
  rspec (~> 3.7)

BUNDLED WITH
   1.16.2
